GIT
  remote: http://github.com/justinclayton/pinocchio.git
  revision: 183d88c4021118053c3f53a9dadfe4933c39c00b
  specs:
    pinocchio (0.0.1.pre)
      cucumber
      puppet
      puppetlabs_spec_helper
      vagrant-prison

GEM
  remote: https://rubygems.org/
  specs:
    archive-tar-minitar (0.5.2)
    builder (3.2.0)
    childprocess (0.3.9)
      ffi (~> 1.0, >= 1.0.11)
    cucumber (1.3.2)
      builder (>= 2.1.2)
      diff-lcs (>= 1.1.3)
      gherkin (~> 2.12.0)
      multi_json (~> 1.3)
    diff-lcs (1.2.4)
    erubis (2.7.0)
    facter (1.7.1)
    ffi (1.8.1)
    gherkin (2.12.0)
      multi_json (~> 1.3)
    hiera (1.2.1)
      json_pure
    hiera-puppet-helper (1.0.1)
    i18n (0.6.4)
    json (1.7.7)
    json_pure (1.8.0)
    log4r (1.1.10)
    metaclass (0.0.1)
    mocha (0.14.0)
      metaclass (~> 0.0.1)
    multi_json (1.7.4)
    net-scp (1.1.1)
      net-ssh (>= 2.6.5)
    net-ssh (2.6.7)
    puppet (3.2.1)
      facter (~> 1.6)
      hiera (~> 1.0)
      rgen (~> 0.6)
    puppetlabs_spec_helper (0.4.1)
      mocha (>= 0.10.5)
      rake
      rspec (>= 2.9.0)
      rspec-puppet (>= 0.1.1)
    rake (10.0.4)
    rgen (0.6.2)
    rspec (2.13.0)
      rspec-core (~> 2.13.0)
      rspec-expectations (~> 2.13.0)
      rspec-mocks (~> 2.13.0)
    rspec-core (2.13.1)
    rspec-expectations (2.13.0)
      diff-lcs (>= 1.1.3, < 2.0)
    rspec-mocks (2.13.1)
    rspec-puppet (0.1.6)
      rspec
    vagrant-fixed-ssh (1.0.7)
      archive-tar-minitar (= 0.5.2)
      childprocess (~> 0.3.1)
      erubis (~> 2.7.0)
      i18n (~> 0.6.0)
      json (>= 1.5.1, < 1.8.0)
      log4r (~> 1.1.9)
      net-scp
      net-ssh
    vagrant-prison (0.2.0)
      vagrant-fixed-ssh (~> 1.0.7)

PLATFORMS
  ruby

DEPENDENCIES
  hiera-puppet-helper
  pinocchio!
  puppet
  puppetlabs_spec_helper
